PATH
  remote: .
  specs:
    casteml (1.0.36)
      alchemist (~> 0.1.7)
      bigdecimal (~> 1.4)
      medusa_rest_client (~> 0.1)

GEM
  remote: https://rubygems.org/
  remote: http://dream.misasa.okayama-u.ac.jp/rubygems/
  specs:
    activemodel (4.2.11.3)
      activesupport (= 4.2.11.3)
      builder (~> 3.1)
    activeresource (4.0.0)
      activemodel (~> 4.0)
      activesupport (~> 4.0)
      rails-observers (~> 0.1.1)
    activesupport (4.2.11.3)
      i18n (~> 0.7)
      minitest (~> 5.1)
      thread_safe (~> 0.3, >= 0.3.4)
      tzinfo (~> 1.1)
    alchemist (0.1.8)
    bigdecimal (1.4.4)
    builder (3.2.2)
    coderay (1.1.3)
    concurrent-ruby (1.1.7)
    diff-lcs (1.2.5)
    faraday (0.9.2)
      multipart-post (>= 1.2, < 3)
    geminabox (0.12.4)
      builder
      faraday
      httpclient (>= 2.2.7)
      nesty
      sinatra (>= 1.2.7)
    gli (2.19.2)
    httpclient (2.8.2.3)
    i18n (0.9.5)
      concurrent-ruby (~> 1.0)
    medusa_rest_client (0.1.15)
      activeresource (~> 4.0.0)
      gli (~> 2.12)
      pry (~> 0.9)
      rails-observers (= 0.1.2)
    method_source (1.0.0)
    minitest (5.14.2)
    multipart-post (2.0.0)
    mustermann (1.1.1)
      ruby2_keywords (~> 0.0.1)
    nesty (1.0.2)
    pry (0.13.1)
      coderay (~> 1.1)
      method_source (~> 1.0)
    rack (2.2.3)
    rack-protection (2.1.0)
      rack
    rails-observers (0.1.2)
      activemodel (~> 4.0)
    rake (10.1.1)
    rspec (3.0.0)
      rspec-core (~> 3.0.0)
      rspec-expectations (~> 3.0.0)
      rspec-mocks (~> 3.0.0)
    rspec-core (3.0.4)
      rspec-support (~> 3.0.0)
    rspec-expectations (3.0.4)
      diff-lcs (>= 1.2.0, < 2.0)
      rspec-support (~> 3.0.0)
    rspec-mocks (3.0.4)
      rspec-support (~> 3.0.0)
    rspec-support (3.0.4)
    ruby2_keywords (0.0.2)
    sinatra (2.1.0)
      mustermann (~> 1.0)
      rack (~> 2.2)
      rack-protection (= 2.1.0)
      tilt (~> 2.0)
    thread_safe (0.3.6)
    tilt (2.0.10)
    tzinfo (1.2.8)
      thread_safe (~> 0.1)

PLATFORMS
  ruby

DEPENDENCIES
  bundler (~> 1.5)
  casteml!
  geminabox (~> 0.12.4)
  rake (~> 10.1.0)
  rspec (~> 3.0.0)

BUNDLED WITH
   1.16.5
